GIT
  remote: https://github.com/ActsAsParanoid/acts_as_paranoid.git
  revision: ab31723bc11c82bac144cfabd4631b26307bfde1
  ref: ab31723bc1
  branch: master
  specs:
    acts_as_paranoid (0.5.0.beta2)
      activerecord (~> 4.0)
      activesupport (~> 4.0)

GIT
  remote: https://github.com/QutBioacoustics/baw-audio-tools.git
  revision: f4ef9f775d590e7e5047c4e5c9181aa57dd1a713
  ref: f4ef9f775d
  branch: master
  specs:
    baw-audio-tools (0.3.0)
      activesupport (>= 3.2)

GIT
  remote: https://github.com/QutBioacoustics/baw-workers.git
  revision: e481170d509df7b9da5ccc32a652256db4030961
  ref: e481170d50
  branch: master
  specs:
    baw-workers (0.5.0)
      actionmailer (~> 4.2)
      activesupport (~> 4.2)
      resque (~> 1.25)
      resque-status (~> 0.5)
      resque_solo (~> 0.1)
      settingslogic (~> 2.0)

GIT
  remote: https://github.com/echannel/resque-job-stats.git
  revision: 8932c036ae0eb272476c3f4e5aace4233aa0fa2f
  ref: 8932c036ae
  branch: master
  specs:
    resque-job-stats (0.3.0)
      resque (>= 1.17)

GIT
  remote: https://github.com/rails/activesupport-json_encoder.git
  revision: d874fd9dbf2d558eac87893578e8e7970f1581a5
  ref: d874fd9dbf
  branch: master
  specs:
    activesupport-json_encoder (1.1.0)
      activesupport (>= 4.1.0, < 5.0)

GEM
  remote: https://rubygems.org/
  specs:
    actionmailer (4.2.6)
      actionpack (= 4.2.6)
      actionview (= 4.2.6)
      activejob (= 4.2.6)
      mail (~> 2.5, >= 2.5.4)
      rails-dom-testing (~> 1.0, >= 1.0.5)
    actionpack (4.2.6)
      actionview (= 4.2.6)
      activesupport (= 4.2.6)
      rack (~> 1.6)
      rack-test (~> 0.6.2)
      rails-dom-testing (~> 1.0, >= 1.0.5)
      rails-html-sanitizer (~> 1.0, >= 1.0.2)
    actionview (4.2.6)
      activesupport (= 4.2.6)
      builder (~> 3.1)
      erubis (~> 2.7.0)
      rails-dom-testing (~> 1.0, >= 1.0.5)
      rails-html-sanitizer (~> 1.0, >= 1.0.2)
    activejob (4.2.6)
      activesupport (= 4.2.6)
      globalid (>= 0.3.0)
    activemodel (4.2.6)
      activesupport (= 4.2.6)
      builder (~> 3.1)
    activerecord (4.2.6)
      activemodel (= 4.2.6)
      activesupport (= 4.2.6)
      arel (~> 6.0)
    activesupport (4.2.6)
      i18n (~> 0.7)
      json (~> 1.7, >= 1.7.7)
      minitest (~> 5.1)
      thread_safe (~> 0.3, >= 0.3.4)
      tzinfo (~> 1.1)
    addressable (2.4.0)
    arel (6.0.3)
    ast (2.2.0)
    autoprefixer-rails (6.3.6)
      execjs
    bcrypt (3.1.11)
    bootstrap-sass (3.3.6)
      autoprefixer-rails (>= 5.2.1)
      sass (>= 3.3.4)
    builder (3.2.2)
    bullet (5.0.0)
      activesupport (>= 3.0.0)
      uniform_notifier (~> 1.9.0)
    cancancan (1.13.1)
    capybara (2.7.0)
      addressable
      mime-types (>= 1.16)
      nokogiri (>= 1.3.3)
      rack (>= 1.0.0)
      rack-test (>= 0.5.4)
      xpath (~> 2.0)
    climate_control (0.0.3)
      activesupport (>= 3.0)
    cocaine (0.5.8)
      climate_control (>= 0.0.3, < 1.0)
    codeclimate-test-reporter (0.5.0)
      simplecov (>= 0.7.1, < 1.0.0)
    coderay (1.1.1)
    coffee-rails (4.1.1)
      coffee-script (>= 2.2.0)
      railties (>= 4.0.0, < 5.1.x)
    coffee-script (2.4.1)
      coffee-script-source
      execjs
    coffee-script-source (1.10.0)
    concurrent-ruby (1.0.1)
    coveralls (0.8.13)
      json (~> 1.8)
      simplecov (~> 0.11.0)
      term-ansicolor (~> 1.3)
      thor (~> 0.19.1)
      tins (~> 1.6.0)
    crack (0.4.3)
      safe_yaml (~> 1.0.0)
    daemons (1.2.3)
    database_cleaner (1.5.2)
    devise (3.5.7)
      bcrypt (~> 3.0)
      orm_adapter (~> 0.1)
      railties (>= 3.2.6, < 5)
      responders
      thread_safe (~> 0.1)
      warden (~> 1.2.3)
    devise-i18n (1.0.1)
    diff-lcs (1.2.5)
    docile (1.1.5)
    dotiw (3.1.1)
      actionpack (>= 3)
      i18n
    easy_translate (0.5.0)
      json
      thread
      thread_safe
    enumerize (1.1.1)
      activesupport (>= 3.2)
    erubis (2.7.0)
    eventmachine (1.2.0.1)
    exception_notification (4.1.4)
      actionmailer (~> 4.0)
      activesupport (~> 4.0)
    execjs (2.6.0)
    factory_girl (4.7.0)
      activesupport (>= 3.0.0)
    factory_girl_rails (4.7.0)
      factory_girl (~> 4.7.0)
      railties (>= 3.0.0)
    fakeredis (0.5.0)
      redis (~> 3.0)
    ffi (1.9.10)
    font-awesome-sass (4.5.0)
      sass (>= 3.2)
    formatador (0.2.5)
    globalid (0.3.6)
      activesupport (>= 4.1.0)
    guard (2.13.0)
      formatador (>= 0.2.4)
      listen (>= 2.7, <= 4.0)
      lumberjack (~> 1.0)
      nenv (~> 0.1)
      notiffany (~> 0.0)
      pry (>= 0.9.12)
      shellany (~> 0.0)
      thor (>= 0.18.1)
    guard-compat (1.2.1)
    guard-rspec (4.6.5)
      guard (~> 2.1)
      guard-compat (~> 1.1)
      rspec (>= 2.99.0, < 4.0)
    guard-yard (2.1.4)
      guard (>= 1.1.0)
      yard (>= 0.7.0)
    haml (4.0.7)
      tilt
    haml-rails (0.9.0)
      actionpack (>= 4.0.1)
      activesupport (>= 4.0.1)
      haml (>= 4.0.6, < 5.0)
      html2haml (>= 1.0.1)
      railties (>= 4.0.1)
    haml_lint (0.17.1)
      haml (~> 4.0)
      rake (>= 10, < 12)
      rubocop (>= 0.36.0)
      sysexits (~> 1.1)
    hashdiff (0.3.0)
    highline (1.7.8)
    html2haml (2.0.0)
      erubis (~> 2.7.0)
      haml (~> 4.0.0)
      nokogiri (~> 1.6.0)
      ruby_parser (~> 3.5)
    i18n (0.7.0)
    i18n-tasks (0.9.5)
      activesupport (>= 4.0.2)
      ast (>= 2.1.0)
      easy_translate (>= 0.5.0)
      erubis
      highline (>= 1.7.3)
      i18n
      parser (>= 2.2.3.0)
      term-ansicolor (>= 1.3.2)
      terminal-table (>= 1.5.1)
    jbuilder (2.4.1)
      activesupport (>= 3.0.0, < 5.1)
      multi_json (~> 1.2)
    jc-validates_timeliness (3.1.1)
      timeliness (~> 0.3.7)
    jquery-rails (4.1.1)
      rails-dom-testing (>= 1, < 3)
      railties (>= 4.2.0)
      thor (>= 0.14, < 2.0)
    json (1.8.3)
    json_spec (1.1.4)
      multi_json (~> 1.0)
      rspec (>= 2.0, < 4.0)
    kaminari (0.16.3)
      actionpack (>= 3.0.0)
      activesupport (>= 3.0.0)
    kramdown (1.10.0)
    launchy (2.4.3)
      addressable (~> 2.3)
    libv8 (3.16.14.13)
    listen (3.0.6)
      rb-fsevent (>= 0.9.3)
      rb-inotify (>= 0.9.7)
    loofah (2.0.3)
      nokogiri (>= 1.5.9)
    lumberjack (1.0.10)
    mail (2.6.4)
      mime-types (>= 1.16, < 4)
    method_source (0.8.2)
    mime-types (3.0)
      mime-types-data (~> 3.2015)
    mime-types-data (3.2016.0221)
    mimemagic (0.3.0)
    mini_portile2 (2.0.0)
    minitest (5.8.4)
    mono_logger (1.1.0)
    multi_json (1.11.2)
    mustache (0.99.8)
    nenv (0.3.0)
    newrelic_rpm (3.15.1.316)
    nokogiri (1.6.7.2)
      mini_portile2 (~> 2.0.0.rc2)
    notiffany (0.0.8)
      nenv (~> 0.1)
      shellany (~> 0.0)
    orm_adapter (0.5.0)
    paperclip (4.3.6)
      activemodel (>= 3.2.0)
      activesupport (>= 3.2.0)
      cocaine (~> 0.5.5)
      mime-types
      mimemagic (= 0.3.0)
    parser (2.3.0.7)
      ast (~> 2.2)
    pg (0.18.4)
    powerpack (0.1.1)
    pry (0.10.3)
      coderay (~> 1.1.0)
      method_source (~> 0.8.1)
      slop (~> 3.4)
    quiet_assets (1.1.0)
      railties (>= 3.1, < 5.0)
    rack (1.6.4)
    rack-cors (0.4.0)
    rack-mini-profiler (0.9.9.2)
      rack (>= 1.2.0)
    rack-protection (1.5.3)
      rack
    rack-rewrite (1.5.1)
    rack-test (0.6.3)
      rack (>= 1.0)
    raddocs (1.0.0)
      haml (~> 4.0)
      json (~> 1.8)
      sinatra (~> 1.3)
    rails (4.2.6)
      actionmailer (= 4.2.6)
      actionpack (= 4.2.6)
      actionview (= 4.2.6)
      activejob (= 4.2.6)
      activemodel (= 4.2.6)
      activerecord (= 4.2.6)
      activesupport (= 4.2.6)
      bundler (>= 1.3.0, < 2.0)
      railties (= 4.2.6)
      sprockets-rails
    rails-deprecated_sanitizer (1.0.3)
      activesupport (>= 4.2.0.alpha)
    rails-dom-testing (1.0.7)
      activesupport (>= 4.2.0.beta, < 5.0)
      nokogiri (~> 1.6.0)
      rails-deprecated_sanitizer (>= 1.0.1)
    rails-html-sanitizer (1.0.3)
      loofah (~> 2.0)
    railties (4.2.6)
      actionpack (= 4.2.6)
      activesupport (= 4.2.6)
      rake (>= 0.8.7)
      thor (>= 0.18.1, < 2.0)
    rainbow (2.1.0)
    rake (11.1.2)
    rb-fsevent (0.9.7)
    rb-inotify (0.9.7)
      ffi (>= 0.5.0)
    rdoc (4.2.2)
      json (~> 1.4)
    recaptcha (1.3.0)
      json
    redis (3.3.0)
    redis-namespace (1.5.2)
      redis (~> 3.0, >= 3.0.4)
    ref (2.0.0)
    responders (2.1.2)
      railties (>= 4.2.0, < 5.1)
    resque (1.25.2)
      mono_logger (~> 1.0)
      multi_json (~> 1.0)
      redis-namespace (~> 1.3)
      sinatra (>= 0.9.2)
      vegas (~> 0.1.2)
    resque-status (0.5.0)
      resque (~> 1.19)
    resque_solo (0.1.0)
      resque (~> 1.25.1)
    role_model (0.8.2)
    rspec (3.4.0)
      rspec-core (~> 3.4.0)
      rspec-expectations (~> 3.4.0)
      rspec-mocks (~> 3.4.0)
    rspec-core (3.4.4)
      rspec-support (~> 3.4.0)
    rspec-expectations (3.4.0)
      diff-lcs (>= 1.2.0, < 2.0)
      rspec-support (~> 3.4.0)
    rspec-mocks (3.4.1)
      diff-lcs (>= 1.2.0, < 2.0)
      rspec-support (~> 3.4.0)
    rspec-rails (3.4.2)
      actionpack (>= 3.0, < 4.3)
      activesupport (>= 3.0, < 4.3)
      railties (>= 3.0, < 4.3)
      rspec-core (~> 3.4.0)
      rspec-expectations (~> 3.4.0)
      rspec-mocks (~> 3.4.0)
      rspec-support (~> 3.4.0)
    rspec-support (3.4.1)
    rspec_api_documentation (4.7.0)
      activesupport (>= 3.0.0)
      json (~> 1.4, >= 1.4.6)
      mustache (~> 0.99, >= 0.99.4)
      rspec (>= 3.0.0)
    rubocop (0.39.0)
      parser (>= 2.3.0.7, < 3.0)
      powerpack (~> 0.1)
      rainbow (>= 1.99.1, < 3.0)
      ruby-progressbar (~> 1.7)
      unicode-display_width (~> 1.0, >= 1.0.1)
    ruby-progressbar (1.7.5)
    ruby_parser (3.8.1)
      sexp_processor (~> 4.1)
    safe_yaml (1.0.4)
    sass (3.4.22)
    sass-rails (5.0.4)
      railties (>= 4.0.0, < 5.0)
      sass (~> 3.1)
      sprockets (>= 2.8, < 4.0)
      sprockets-rails (>= 2.0, < 4.0)
      tilt (>= 1.1, < 3)
    sdoc (0.4.1)
      json (~> 1.7, >= 1.7.7)
      rdoc (~> 4.0)
    settingslogic (2.0.9)
    sexp_processor (4.7.0)
    shellany (0.0.1)
    shoulda-matchers (2.8.0)
      activesupport (>= 3.0.0)
    simple_form (3.2.1)
      actionpack (> 4, < 5.1)
      activemodel (> 4, < 5.1)
    simplecov (0.11.2)
      docile (~> 1.1.0)
      json (~> 1.8)
      simplecov-html (~> 0.10.0)
    simplecov-html (0.10.0)
    sinatra (1.4.7)
      rack (~> 1.5)
      rack-protection (~> 1.4)
      tilt (>= 1.3, < 3)
    slop (3.6.0)
    sprockets (3.5.2)
      concurrent-ruby (~> 1.0)
      rack (> 1, < 3)
    sprockets-rails (3.0.4)
      actionpack (>= 4.0)
      activesupport (>= 4.0)
      sprockets (>= 3.0.0)
    sysexits (1.2.0)
    term-ansicolor (1.3.2)
      tins (~> 1.0)
    terminal-table (1.5.2)
    therubyracer (0.12.2)
      libv8 (~> 3.16.14.0)
      ref
    thin (1.6.4)
      daemons (~> 1.0, >= 1.0.9)
      eventmachine (~> 1.0, >= 1.0.4)
      rack (~> 1.0)
    thor (0.19.1)
    thread (0.2.2)
    thread_safe (0.3.5)
    tilt (2.0.2)
    timeliness (0.3.8)
    tins (1.6.0)
    tzinfo (1.2.2)
      thread_safe (~> 0.1)
    tzinfo-data (1.2016.4)
      tzinfo (>= 1.0.0)
    uglifier (3.0.0)
      execjs (>= 0.3.0, < 3)
    unicode-display_width (1.0.3)
    uniform_notifier (1.9.0)
    uuidtools (2.1.5)
    vegas (0.1.11)
      rack (>= 1.0.0)
    warden (1.2.6)
      rack (>= 1.0)
    webmock (1.24.5)
      addressable (>= 2.3.6)
      crack (>= 0.3.2)
      hashdiff
    xpath (2.0.0)
      nokogiri (~> 1.3)
    yard (0.8.7.6)
    zonebie (0.6.1)

PLATFORMS
  ruby

DEPENDENCIES
  activesupport-json_encoder!
  acts_as_paranoid!
  baw-audio-tools!
  baw-workers!
  bcrypt (~> 3.1.9)
  bootstrap-sass (~> 3.3.4)
  bullet (~> 5.0.0)
  cancancan (~> 1.13.1)
  capybara (~> 2.7.0)
  codeclimate-test-reporter (~> 0.5.0)
  coffee-rails (~> 4.1.0)
  coveralls (~> 0.8.10)
  database_cleaner (~> 1.5.0)
  devise (~> 3.5.1)
  devise-i18n
  dotiw (~> 3.1.1)
  enumerize (~> 1.0)
  exception_notification (~> 4.1.0)
  factory_girl_rails (~> 4.7.0)
  fakeredis (~> 0.5.0)
  font-awesome-sass (~> 4.5.0)
  guard (~> 2.13.0)
  guard-rspec (~> 4.6.0)
  guard-yard (~> 2.1.4)
  haml (~> 4.0.6)
  haml-rails (~> 0.9.0)
  haml_lint
  i18n-tasks (~> 0.9.0)
  jbuilder (~> 2.4.0)
  jc-validates_timeliness (~> 3.1.1)
  jquery-rails (~> 4.1.0)
  json_spec (~> 1.1.4)
  kaminari
  kramdown (~> 1.10.0)
  launchy (~> 2.4.3)
  newrelic_rpm (~> 3.15)
  notiffany (~> 0.0.3)
  paperclip (~> 4.3.0)
  pg (~> 0.18.1)
  quiet_assets
  rack-cors (~> 0.4.0)
  rack-mini-profiler (~> 0.9.2)
  rack-rewrite (~> 1.5.1)
  raddocs (~> 1.0.0)
  rails (~> 4.2.4)
  recaptcha (~> 1.3.0)
  responders (~> 2.1.0)
  resque (~> 1.25.2)
  resque-job-stats!
  resque-status (~> 0.5.0)
  role_model (~> 0.8.1)
  rspec (~> 3.4.0)
  rspec-rails (~> 3.4.0)
  rspec_api_documentation (~> 4.7.0)
  rubocop (~> 0.39.0)
  sass-rails (~> 5.0.3)
  sdoc (~> 0.4.0)
  settingslogic (~> 2.0.9)
  shoulda-matchers (< 3.0.0)
  simple_form (~> 3.2.0)
  simplecov (~> 0.11.1)
  therubyracer (~> 0.12.1)
  thin (~> 1.6.3)
  tzinfo (~> 1.2.2)
  tzinfo-data (~> 1.2016)
  uglifier (>= 1.3.0)
  uuidtools (~> 2.1.5)
  webmock (~> 1.24.0)
  zonebie

BUNDLED WITH
   1.12.0.rc
